STORAGE: NONE
RESTRICTION: == net7.0
NUGET
  remote: https://api.nuget.org/v3/index.json
    Bolero (0.21.25)
      Elmish (>= 3.1 < 4.0)
      FSharp.Core (>= 6.0)
      FSharp.SystemTextJson (>= 0.19.13)
      Microsoft.AspNetCore.Components.WebAssembly (>= 7.0)
      Microsoft.Extensions.Http (>= 6.0)
    Bolero.Build (0.21.25)
    Bolero.HotReload (0.21.4)
      Bolero (>= 0.21.24)
      FSharp.Core (>= 6.0)
      HtmlAgilityPack (>= 1.11.39)
      Microsoft.AspNetCore.SignalR.Client (>= 6.0)
    Bolero.HotReload.Server (0.21.4)
      Bolero.HotReload (0.21.4)
      Bolero.Server (>= 0.21.24)
      FSharp.Core (>= 6.0)
    Bolero.Server (0.21.25)
      Bolero (0.21.25)
      FSharp.Core (>= 6.0)
      FSharp.SystemTextJson (>= 0.19.13)
    Elmish (3.1)
      FSharp.Core (>= 4.6.2)
    FSharp.Core (7.0.200) - content: none
    FSharp.SystemTextJson (1.1.23)
      FSharp.Core (>= 4.7)
      System.Text.Json (>= 6.0)
    HtmlAgilityPack (1.11.46)
    Microsoft.AspNetCore.Authorization (7.0.4)
      Microsoft.AspNetCore.Metadata (>= 7.0.4)
      Microsoft.Extensions.Logging.Abstractions (>= 7.0)
      Microsoft.Extensions.Options (>= 7.0.1)
    Microsoft.AspNetCore.Components (7.0.4)
      Microsoft.AspNetCore.Authorization (>= 7.0.4)
      Microsoft.AspNetCore.Components.Analyzers (>= 7.0.4)
    Microsoft.AspNetCore.Components.Analyzers (7.0.4)
    Microsoft.AspNetCore.Components.Forms (7.0.4)
      Microsoft.AspNetCore.Components (>= 7.0.4)
    Microsoft.AspNetCore.Components.Web (7.0.4)
      Microsoft.AspNetCore.Components (>= 7.0.4)
      Microsoft.AspNetCore.Components.Forms (>= 7.0.4)
      Microsoft.Extensions.DependencyInjection (>= 7.0)
      Microsoft.JSInterop (>= 7.0.4)
      System.IO.Pipelines (>= 7.0)
    Microsoft.AspNetCore.Components.WebAssembly (7.0.4)
      Microsoft.AspNetCore.Components.Web (>= 7.0.4)
      Microsoft.Extensions.Configuration.Binder (>= 7.0.4)
      Microsoft.Extensions.Configuration.Json (>= 7.0)
      Microsoft.Extensions.Logging (>= 7.0)
      Microsoft.JSInterop.WebAssembly (>= 7.0.4)
    Microsoft.AspNetCore.Components.WebAssembly.DevServer (7.0.4)
    Microsoft.AspNetCore.Components.WebAssembly.Server (7.0.4)
    Microsoft.AspNetCore.Connections.Abstractions (7.0.4)
      Microsoft.Extensions.Features (>= 7.0.4)
      System.IO.Pipelines (>= 7.0)
    Microsoft.AspNetCore.Http.Connections.Client (7.0.4)
      Microsoft.AspNetCore.Http.Connections.Common (>= 7.0.4)
      Microsoft.Extensions.Logging.Abstractions (>= 7.0)
      Microsoft.Extensions.Options (>= 7.0.1)
    Microsoft.AspNetCore.Http.Connections.Common (7.0.4)
      Microsoft.AspNetCore.Connections.Abstractions (>= 7.0.4)
    Microsoft.AspNetCore.Metadata (7.0.4)
    Microsoft.AspNetCore.SignalR.Client (7.0.4)
      Microsoft.AspNetCore.Http.Connections.Client (>= 7.0.4)
      Microsoft.AspNetCore.SignalR.Client.Core (>= 7.0.4)
    Microsoft.AspNetCore.SignalR.Client.Core (7.0.4)
      Microsoft.AspNetCore.SignalR.Common (>= 7.0.4)
      Microsoft.AspNetCore.SignalR.Protocols.Json (>= 7.0.4)
      Microsoft.Extensions.DependencyInjection (>= 7.0)
      Microsoft.Extensions.Logging (>= 7.0)
      System.Threading.Channels (>= 7.0)
    Microsoft.AspNetCore.SignalR.Common (7.0.4)
      Microsoft.AspNetCore.Connections.Abstractions (>= 7.0.4)
      Microsoft.Extensions.Options (>= 7.0.1)
    Microsoft.AspNetCore.SignalR.Protocols.Json (7.0.4)
      Microsoft.AspNetCore.SignalR.Common (>= 7.0.4)
    Microsoft.Extensions.Configuration (7.0)
      Microsoft.Extensions.Configuration.Abstractions (>= 7.0)
      Microsoft.Extensions.Primitives (>= 7.0)
    Microsoft.Extensions.Configuration.Abstractions (7.0)
      Microsoft.Extensions.Primitives (>= 7.0)
    Microsoft.Extensions.Configuration.Binder (7.0.4)
      Microsoft.Extensions.Configuration.Abstractions (>= 7.0)
    Microsoft.Extensions.Configuration.FileExtensions (7.0)
      Microsoft.Extensions.Configuration (>= 7.0)
      Microsoft.Extensions.Configuration.Abstractions (>= 7.0)
      Microsoft.Extensions.FileProviders.Abstractions (>= 7.0)
      Microsoft.Extensions.FileProviders.Physical (>= 7.0)
      Microsoft.Extensions.Primitives (>= 7.0)
    Microsoft.Extensions.Configuration.Json (7.0)
      Microsoft.Extensions.Configuration (>= 7.0)
      Microsoft.Extensions.Configuration.Abstractions (>= 7.0)
      Microsoft.Extensions.Configuration.FileExtensions (>= 7.0)
      Microsoft.Extensions.FileProviders.Abstractions (>= 7.0)
      System.Text.Json (>= 7.0)
    Microsoft.Extensions.DependencyInjection (7.0)
      Microsoft.Extensions.DependencyInjection.Abstractions (>= 7.0)
    Microsoft.Extensions.DependencyInjection.Abstractions (7.0)
    Microsoft.Extensions.Features (7.0.4)
    Microsoft.Extensions.FileProviders.Abstractions (7.0)
      Microsoft.Extensions.Primitives (>= 7.0)
    Microsoft.Extensions.FileProviders.Physical (7.0)
      Microsoft.Extensions.FileProviders.Abstractions (>= 7.0)
      Microsoft.Extensions.FileSystemGlobbing (>= 7.0)
      Microsoft.Extensions.Primitives (>= 7.0)
    Microsoft.Extensions.FileSystemGlobbing (7.0)
    Microsoft.Extensions.Http (7.0)
      Microsoft.Extensions.DependencyInjection.Abstractions (>= 7.0)
      Microsoft.Extensions.Logging (>= 7.0)
      Microsoft.Extensions.Logging.Abstractions (>= 7.0)
      Microsoft.Extensions.Options (>= 7.0)
    Microsoft.Extensions.Logging (7.0)
      Microsoft.Extensions.DependencyInjection (>= 7.0)
      Microsoft.Extensions.DependencyInjection.Abstractions (>= 7.0)
      Microsoft.Extensions.Logging.Abstractions (>= 7.0)
      Microsoft.Extensions.Options (>= 7.0)
    Microsoft.Extensions.Logging.Abstractions (7.0)
    Microsoft.Extensions.Options (7.0.1)
      Microsoft.Extensions.DependencyInjection.Abstractions (>= 7.0)
      Microsoft.Extensions.Primitives (>= 7.0)
    Microsoft.Extensions.Primitives (7.0)
    Microsoft.JSInterop (7.0.4)
    Microsoft.JSInterop.WebAssembly (7.0.4)
      Microsoft.JSInterop (>= 7.0.4)
    System.IO.Pipelines (7.0)
    System.Text.Encodings.Web (7.0)
    System.Text.Json (7.0.2)
      System.Text.Encodings.Web (>= 7.0)
    System.Threading.Channels (7.0)
